GIT
  remote: https://github.com/yuua/rbhive.git
  revision: 5457c94f0d1e3537b3cbe398d05257e9f3485782
  branch: database_set
  specs:
    rbhive (1.0.3.pre)
      json
      thrift (~> 0.9)

GEM
  remote: https://rubygems.org/
  specs:
    backports (3.11.1)
    coderay (1.1.2)
    ffi (1.9.18)
    gssapi (1.2.0)
      ffi (>= 1.0.1)
    haml (5.0.4)
      temple (>= 0.8.0)
      tilt
    impala (0.5.1)
      gssapi (~> 1.2)
      thrift (~> 0.9)
    json (2.1.0)
    method_source (0.9.0)
    multi_json (1.13.1)
    mustermann (1.0.1)
    pry (0.11.3)
      coderay (~> 1.1.0)
      method_source (~> 0.9.0)
    rack (2.0.4)
    rack-protection (2.0.0)
      rack
    redis (4.0.1)
    rubyzip (1.2.1)
    sinatra (2.0.0)
      mustermann (~> 1.0)
      rack (~> 2.0)
      rack-protection (= 2.0.0)
      tilt (~> 2.0)
    sinatra-contrib (2.0.0)
      backports (>= 2.0)
      multi_json
      mustermann (~> 1.0)
      rack-protection (= 2.0.0)
      sinatra (= 2.0.0)
      tilt (>= 1.3, < 3)
    temple (0.8.0)
    thrift (0.11.0.0)
    tilt (2.0.8)

PLATFORMS
  ruby

DEPENDENCIES
  haml
  impala
  pry
  rbhive!
  redis
  rubyzip
  sinatra
  sinatra-contrib

BUNDLED WITH
   1.16.1
