GIT
  remote: ssh://git@stash.arms.dmm.com:2222/olgkpi/impala-ruby.git
  revision: 85c703b79a14c242e11df823d01d943e750c7b4f
  specs:
    impala (0.5.1)
      gssapi (~> 1.2)
      thrift (~> 0.9)

GIT
  remote: ssh://git@stash.arms.dmm.com:2222/olgkpi/rbhive.git
  revision: 179ab7c8fba5c99ea73c4d85ae14a188b38dfdc1
  specs:
    rbhive (1.0.3.pre)
      json
      thrift (~> 0.9)

GEM
  remote: https://rubygems.org/
  specs:
    backports (3.10.3)
    coderay (1.1.1)
    ffi (1.9.18)
    gssapi (1.2.0)
      ffi (>= 1.0.1)
    haml (5.0.4)
      temple (>= 0.8.0)
      tilt
    json (2.0.2)
    method_source (0.8.2)
    multi_json (1.12.2)
    pry (0.10.4)
      coderay (~> 1.1.0)
      method_source (~> 0.8.1)
      slop (~> 3.4)
    rack (1.6.5)
    rack-protection (1.5.3)
      rack
    rack-test (0.8.2)
      rack (>= 1.0, < 3)
    redis (3.3.2)
    rubyzip (1.2.1)
    sinatra (1.4.7)
      rack (~> 1.5)
      rack-protection (~> 1.4)
      tilt (>= 1.3, < 3)
    sinatra-contrib (1.4.7)
      backports (>= 2.0)
      multi_json
      rack-protection
      rack-test
      sinatra (~> 1.4.0)
      tilt (>= 1.3, < 3)
    slop (3.6.0)
    temple (0.8.0)
    thrift (0.9.3.0)
    tilt (2.0.5)

PLATFORMS
  ruby

DEPENDENCIES
  haml
  impala!
  pry
  rbhive (= 1.0.3.pre)!
  redis
  rubyzip
  sinatra
  sinatra-contrib

BUNDLED WITH
   1.14.4
